GEM
  remote: https://rubygems.org/
  specs:
    coderay (1.0.8)
    diff-lcs (1.1.3)
    em-websocket (0.4.0)
      eventmachine (>= 0.12.9)
      http_parser.rb (~> 0.5.3)
    eventmachine (0.12.10)
    eventmachine_httpserver (0.2.1)
    ffi (1.3.1)
    guard (1.6.1)
      listen (>= 0.6.0)
      lumberjack (>= 1.0.2)
      pry (>= 0.9.10)
      thor (>= 0.14.6)
    guard-ctags-bundler (0.1.6)
      guard (>= 1.1)
    guard-rspec (2.3.3)
      guard (>= 1.1)
      rspec (~> 2.11)
    http_parser.rb (0.5.3)
    listen (0.7.1)
    lumberjack (1.0.2)
    method_source (0.8.1)
    namey (0.0.8)
      sequel
      sqlite3
    pry (0.9.10)
      coderay (~> 1.0.5)
      method_source (~> 0.8)
      slop (~> 3.3.1)
    rb-fchange (0.0.6)
      ffi
    rb-fsevent (0.9.3)
    rb-inotify (0.9.0)
      ffi (>= 0.5.0)
    rb-readline (0.4.2)
    rerun (0.7.1)
      listen
    rspec (2.12.0)
      rspec-core (~> 2.12.0)
      rspec-expectations (~> 2.12.0)
      rspec-mocks (~> 2.12.0)
    rspec-core (2.12.2)
    rspec-expectations (2.12.1)
      diff-lcs (~> 1.1.3)
    rspec-mocks (2.12.2)
    sequel (3.45.0)
    slop (3.3.3)
    sqlite3 (1.3.7)
    terminal-notifier-guard (1.5.3)
    thor (0.16.0)

PLATFORMS
  ruby

DEPENDENCIES
  em-websocket (~> 0.4.0)
  eventmachine (~> 0.12.9)
  eventmachine_httpserver (~> 0.2.1)
  guard-ctags-bundler
  guard-rspec
  namey
  rb-fchange
  rb-fsevent
  rb-inotify
  rb-readline
  rerun
  rspec
  terminal-notifier-guard
